GEM
  remote: https://rubygems.org/
  specs:
    mini_portile2 (2.2.0)
    nokogiri (1.8.0)
      mini_portile2 (~> 2.2.0)
    rubyzip (1.2.1)

PLATFORMS
  ruby

DEPENDENCIES
  nokogiri
  rubyzip

BUNDLED WITH
   1.15.4
